GEM
  remote: https://rubygems.org/
  specs:
    ruby_http_client (3.5.2)
    sendgrid-ruby (6.3.8)
      ruby_http_client (~> 3.4)

PLATFORMS
  ruby

DEPENDENCIES
  sendgrid-ruby

BUNDLED WITH
   2.1.4
